GEM
  remote: https://rubygems.org/
  specs:
    ast (2.4.2)
    blizzard_api (0.6.4)
      redis (~> 4.1, >= 4.1.0)
      thwait (~> 0.2.0)
    daemons (1.4.0)
    e2mmap (0.1.0)
    eventmachine (1.2.7)
    mustermann (2.0.2)
      ruby2_keywords (~> 0.0.1)
    parallel (1.20.1)
    parser (3.0.2.0)
      ast (~> 2.4.1)
    rack (2.2.4)
    rack-protection (2.2.3)
      rack
    rainbow (3.0.0)
    redis (4.3.1)
    regexp_parser (2.1.1)
    rexml (3.2.5)
    rubocop (1.18.3)
      parallel (~> 1.10)
      parser (>= 3.0.0.0)
      rainbow (>= 2.2.2, < 4.0)
      regexp_parser (>= 1.8, < 3.0)
      rexml
      rubocop-ast (>= 1.7.0, < 2.0)
      ruby-progressbar (~> 1.7)
      unicode-display_width (>= 1.4.0, < 3.0)
    rubocop-ast (1.8.0)
      parser (>= 3.0.1.1)
    ruby-progressbar (1.11.0)
    ruby2_keywords (0.0.5)
    sinatra (2.2.3)
      mustermann (~> 2.0)
      rack (~> 2.2)
      rack-protection (= 2.2.3)
      tilt (~> 2.0)
    sinatra-cors (1.2.0)
    thin (1.8.1)
      daemons (~> 1.0, >= 1.0.9)
      eventmachine (~> 1.0, >= 1.0.4)
      rack (>= 1, < 3)
    thwait (0.2.0)
      e2mmap
    tilt (2.0.11)
    unicode-display_width (2.0.0)

PLATFORMS
  ruby

DEPENDENCIES
  blizzard_api (~> 0.6.4)
  e2mmap
  rubocop
  sinatra
  sinatra-cors
  thin
  thwait

RUBY VERSION
   ruby 3.0.0p0

BUNDLED WITH
   2.2.3
