GEM
  remote: https://rubygems.org/
  specs:
    ast (2.4.2)
    blizzard_api (3.4.1)
      redis (~> 4.1, >= 4.1.0)
    daemons (1.4.1)
    e2mmap (0.1.0)
    eventmachine (1.2.7)
    json (2.6.3)
    mustermann (3.0.0)
      ruby2_keywords (~> 0.0.1)
    parallel (1.22.1)
    parser (3.1.3.0)
      ast (~> 2.4.1)
    rack (2.2.5)
    rack-protection (3.0.5)
      rack
    rainbow (3.1.1)
    redis (4.8.1)
    regexp_parser (2.6.1)
    rexml (3.2.5)
    rubocop (1.41.1)
      json (~> 2.3)
      parallel (~> 1.10)
      parser (>= 3.1.2.1)
      rainbow (>= 2.2.2, < 4.0)
      regexp_parser (>= 1.8, < 3.0)
      rexml (>= 3.2.5, < 4.0)
      rubocop-ast (>= 1.23.0, < 2.0)
      ruby-progressbar (~> 1.7)
      unicode-display_width (>= 1.4.0, < 3.0)
    rubocop-ast (1.24.1)
      parser (>= 3.1.1.0)
    ruby-progressbar (1.11.0)
    ruby2_keywords (0.0.5)
    sinatra (3.0.5)
      mustermann (~> 3.0)
      rack (~> 2.2, >= 2.2.4)
      rack-protection (= 3.0.5)
      tilt (~> 2.0)
    sinatra-cors (1.2.0)
    thin (1.8.1)
      daemons (~> 1.0, >= 1.0.9)
      eventmachine (~> 1.0, >= 1.0.4)
      rack (>= 1, < 3)
    thwait (0.2.0)
      e2mmap
    tilt (2.0.11)
    unicode-display_width (2.3.0)

PLATFORMS
  x64-mingw-ucrt

DEPENDENCIES
  blizzard_api
  e2mmap
  rubocop
  sinatra
  sinatra-cors
  thin
  thwait

RUBY VERSION
   ruby 3.2.2p53

BUNDLED WITH
   2.4.20
