GEM
  remote: https://rubygems.org/
  specs:
    ast (2.4.0)
    blizzard_api (0.4.1)
      redis (~> 4.1, >= 4.1.0)
    e2mmap (0.1.0)
    jaro_winkler (1.5.4)
    mustermann (1.1.1)
      ruby2_keywords (~> 0.0.1)
    parallel (1.19.1)
    parser (2.7.1.1)
      ast (~> 2.4.0)
    rack (2.2.2)
    rack-protection (2.0.8.1)
      rack
    rainbow (3.0.0)
    redis (4.2.0)
    rexml (3.2.4)
    rubocop (0.82.0)
      jaro_winkler (~> 1.5.1)
      parallel (~> 1.10)
      parser (>= 2.7.0.1)
      rainbow (>= 2.2.2, < 4.0)
      rexml
      ruby-progressbar (~> 1.7)
      unicode-display_width (>= 1.4.0, < 2.0)
    ruby-progressbar (1.10.1)
    ruby2_keywords (0.0.2)
    sinatra (2.0.8.1)
      mustermann (~> 1.0)
      rack (~> 2.0)
      rack-protection (= 2.0.8.1)
      tilt (~> 2.0)
    sinatra-cors (1.1.0)
    thwait (0.1.0)
    tilt (2.0.10)
    unicode-display_width (1.7.0)

PLATFORMS
  ruby

DEPENDENCIES
  blizzard_api (~> 0.4.1)
  e2mmap
  rubocop
  sinatra
  sinatra-cors
  thwait

RUBY VERSION
   ruby 2.7.1p83

BUNDLED WITH
   2.1.4
